GEM
  remote: https://rubygems.org/
  specs:
    addressable (2.3.6)
    codeclimate-test-reporter (0.3.0)
      simplecov (>= 0.7.1, < 1.0.0)
    coderay (1.1.0)
    crack (0.4.2)
      safe_yaml (~> 1.0.0)
    docile (1.1.3)
    json (1.8.1)
    metaclass (0.0.4)
    method_source (0.8.2)
    mocha (1.0.0)
      metaclass (~> 0.0.1)
    multi_json (1.10.0)
    pry (0.9.12.6)
      coderay (~> 1.0)
      method_source (~> 0.8)
      slop (~> 3.4)
    rack (1.5.2)
    rack-protection (1.5.3)
      rack
    rack-test (0.6.2)
      rack (>= 1.0)
    rake (10.3.1)
    safe_yaml (1.0.3)
    simplecov (0.8.2)
      docile (~> 1.1.0)
      multi_json
      simplecov-html (~> 0.8.0)
    simplecov-html (0.8.0)
    sinatra (1.4.5)
      rack (~> 1.4)
      rack-protection (~> 1.4)
      tilt (~> 1.3, >= 1.3.4)
    slop (3.5.0)
    sshkey (1.6.1)
    tilt (1.4.1)
    webmock (1.18.0)
      addressable (>= 2.3.6)
      crack (>= 0.3.2)

PLATFORMS
  ruby

DEPENDENCIES
  codeclimate-test-reporter
  json
  mocha
  pry
  rack-test
  rake
  sinatra
  sshkey
  webmock
